GEM
  remote: https://rubygems.org/
  specs:
    activemodel (5.1.1)
      activesupport (= 5.1.1)
    activerecord (5.1.1)
      activemodel (= 5.1.1)
      activesupport (= 5.1.1)
      arel (~> 8.0)
    activesupport (5.1.1)
      concurrent-ruby (~> 1.0, >= 1.0.2)
      i18n (~> 0.7)
      minitest (~> 5.1)
      tzinfo (~> 1.1)
    arel (8.0.0)
    backports (3.8.0)
    bcrypt (3.1.11)
    climate_control (0.1.0)
    cocaine (0.5.8)
      climate_control (>= 0.0.3, < 1.0)
    concurrent-ruby (1.0.5)
    i18n (0.8.1)
    minitest (5.10.2)
    mp4info (1.7.3)
    multi_json (1.12.1)
    mustermann (1.0.0)
    open4 (1.3.4)
    pg (0.20.0)
    rack (2.0.2)
    rack-protection (2.0.0)
      rack
    rake (12.0.0)
    riff (0.3)
    ruby-mp3info (0.8.10)
    scissor (0.6.0)
      mp4info (= 1.7.3)
      open4 (>= 1.3.0)
      riff (<= 0.3.0)
      ruby-mp3info
      streamio-ffmpeg
      tempdir
    sinatra (2.0.0)
      mustermann (~> 1.0)
      rack (~> 2.0)
      rack-protection (= 2.0.0)
      tilt (~> 2.0)
    sinatra-activerecord (2.0.13)
      activerecord (>= 3.2)
      sinatra (>= 1.0)
    sinatra-contrib (2.0.0)
      backports (>= 2.0)
      multi_json
      mustermann (~> 1.0)
      rack-protection (= 2.0.0)
      sinatra (= 2.0.0)
      tilt (>= 1.3, < 3)
    sinatra-cross_origin (0.4.0)
    streamio-ffmpeg (3.0.2)
      multi_json (~> 1.8)
    tempdir (0.0.1)
    thread_safe (0.3.6)
    tilt (2.0.7)
    tzinfo (1.2.3)
      thread_safe (~> 0.1)
    youtube-dl.rb (0.3.1.2016.09.11.1)
      cocaine (>= 0.5.4)

PLATFORMS
  ruby

DEPENDENCIES
  activerecord
  bcrypt (~> 3.1.7)
  pg
  rake
  scissor
  sinatra (>= 1.0)
  sinatra-activerecord
  sinatra-contrib
  sinatra-cross_origin
  streamio-ffmpeg
  youtube-dl.rb

BUNDLED WITH
   1.11.2
